GIT
  remote: git://github.com/dguerri/packet.git
  revision: f4630410bfe4552607a5747bb11f6ee4740d9870
  specs:
    packet (0.1.15)

GEM
  remote: http://rubygems.org/
  specs:
    acl9 (0.12.0)
    actionmailer (2.3.11)
      actionpack (= 2.3.11)
    actionpack (2.3.11)
      activesupport (= 2.3.11)
      rack (~> 1.1.0)
    activerecord (2.3.11)
      activesupport (= 2.3.11)
    activeresource (2.3.11)
      activesupport (= 2.3.11)
    activesupport (2.3.11)
    authlogic (2.1.6)
      activesupport
    cap-recipes (0.3.36)
    capistrano (2.9.0)
      highline
      net-scp (>= 1.0.0)
      net-sftp (>= 2.0.0)
      net-ssh (>= 2.0.14)
      net-ssh-gateway (>= 1.1.0)
    capistrano-ext (1.2.1)
      capistrano (>= 1.0.0)
    capistrano_colors (0.5.5)
    chronic (0.4.4)
    columnize (0.3.3)
    exception_notification (2.3.3.0)
    geokit (1.6.0)
    highline (1.6.2)
    i18n (0.4.2)
    libarchive (0.1.2)
    linecache (0.46)
      rbx-require-relative (> 0.0.4)
    mysql
    net-scp (1.0.4)
      net-ssh (>= 1.99.1)
    net-sftp (2.0.5)
      net-ssh (>= 2.0.9)
    net-ssh (2.2.1)
    net-ssh-gateway (1.1.0)
      net-ssh (>= 1.99.1)
    rack (1.1.2)
    rails (2.3.11)
      actionmailer (= 2.3.11)
      actionpack (= 2.3.11)
      activerecord (= 2.3.11)
      activeresource (= 2.3.11)
      activesupport (= 2.3.11)
      rake (>= 0.8.3)
    rake (0.9.2)
    rbx-require-relative (0.0.5)
    ruby-debug (0.10.4)
      columnize (>= 0.1)
      ruby-debug-base (~> 0.10.4.0)
    ruby-debug-base (0.10.4)
      linecache (>= 0.3)
    somehow_has_relation (0.0.7)
    system_timer (1.2.4)

PLATFORMS
  ruby

DEPENDENCIES
  acl9 (>= 0.12.0)
  authlogic (>= 2.1.3)
  cap-recipes (~> 0.3.36)
  capistrano (~> 2.9.0)
  capistrano-ext (~> 1.2.1)
  capistrano_colors (~> 0.5.4)
  chronic (>= 0.2.3)
  exception_notification (~> 2.3.3.0)
  geokit (>= 1.5.0)
  i18n (~> 0.4.1)
  libarchive (>= 0.1.2)
  mysql
  packet (= 0.1.15)!
  rails (= 2.3.11)
  ruby-debug
  somehow_has_relation (>= 0.0.7)
  system_timer (>= 1.0)
